GEM
  remote: http://rubygems.org/
  specs:
    activesupport (3.2.9)
      i18n (~> 0.6)
      multi_json (~> 1.0)
    harvested (0.6.4)
      hashie (~> 1)
      httparty
      json
    hashie (1.2.0)
    httparty (0.9.0)
      multi_json (~> 1.0)
      multi_xml
    i18n (0.6.1)
    json (1.7.5)
    multi_json (1.4.0)
    multi_xml (0.5.1)

PLATFORMS
  ruby

DEPENDENCIES
  activesupport
  harvested
